GEM
  remote: http://rubygems.org/
  specs:
    bourbon (4.2.6)
      sass (~> 3.4)
      thor (~> 0.19)
    colorator (0.1)
    ebnf (1.0.0)
      rdf (~> 1.1)
      sxp (~> 0.1, >= 0.1.3)
    ffi (1.9.10)
    haml (4.0.7)
      tilt
    htmlentities (4.3.4)
    jekyll (3.0.1)
      colorator (~> 0.1)
      jekyll-sass-converter (~> 1.0)
      jekyll-watch (~> 1.1)
      kramdown (~> 1.3)
      liquid (~> 3.0)
      mercenary (~> 0.3.3)
      rouge (~> 1.7)
      safe_yaml (~> 1.0)
    jekyll-rdfa (0.0.3)
      jekyll (~> 3.0)
      json-ld (~> 1.1)
      nokogiri (~> 1.6)
      rdf (~> 1.1)
      rdf-rdfa (~> 1.1)
      rdf-turtle (~> 1.1)
    jekyll-sass-converter (1.4.0)
      sass (~> 3.4)
    jekyll-watch (1.3.0)
      listen (~> 3.0)
    json-ld (1.99.0)
      multi_json (~> 1.11)
      rdf (~> 1.99)
    kramdown (1.9.0)
    link_header (0.0.8)
    liquid (3.0.6)
    listen (3.0.5)
      rb-fsevent (>= 0.9.3)
      rb-inotify (>= 0.9)
    mercenary (0.3.5)
    mini_portile2 (2.0.0)
    multi_json (1.11.2)
    nokogiri (1.6.7.1)
      mini_portile2 (~> 2.0.0.rc2)
    pdfkit (0.8.2)
    rb-fsevent (0.9.7)
    rb-inotify (0.9.5)
      ffi (>= 0.5.0)
    rdf (1.99.1)
      link_header (~> 0.0, >= 0.0.8)
    rdf-aggregate-repo (1.99.0)
      rdf (~> 1.99)
    rdf-rdfa (1.99.0)
      haml (~> 4.0)
      htmlentities (~> 4.3)
      rdf (~> 1.99)
      rdf-aggregate-repo (~> 1.1)
      rdf-xsd (~> 1.1)
    rdf-turtle (1.99.0)
      ebnf (~> 1.0)
      rdf (~> 1.99)
    rdf-xsd (1.99.0)
      rdf (~> 1.99)
    rouge (1.10.1)
    safe_yaml (1.0.4)
    sass (3.4.21)
    susy (2.2.10)
      sass (>= 3.3.0, < 3.5)
    sxp (0.1.5)
    thor (0.19.1)
    tilt (2.0.2)

PLATFORMS
  ruby

DEPENDENCIES
  bourbon
  jekyll (~> 3.0)
  jekyll-rdfa (~> 0.0.3)
  pdfkit
  susy

BUNDLED WITH
   1.10.6
